GIT
  remote: git@github.com:milo-ft/lita-slack-handler.git
  revision: 0d93cd440103084d1145bf1d42bdd6cc514a2ef0
  specs:
    lita-slack-handler (0.2.1)
      lita (~> 3.0)

GIT
  remote: git@github.com:milo-ft/lita-slack.git
  revision: abcedbd41b25129f39b34ead1daa510998a4a7fd
  specs:
    lita-slack (0.1.1)
      faraday (>= 0.8.7)
      lita (~> 3.0)
      lita-slack-handler (~> 0.2.1)

GEM
  remote: https://rubygems.org/
  specs:
    curb (0.8.5)
    curb-fu (0.6.2)
      curb (>= 0.5.4.0)
      rack-test (>= 0.2.0)
    dotenv (0.10.0)
    faraday (0.9.0)
      multipart-post (>= 1.2, < 3)
    foreman (0.63.0)
      dotenv (>= 0.7)
      thor (>= 0.13.6)
    gems (0.8.3)
    http_router (0.11.1)
      rack (>= 1.0.0)
      url_mount (~> 0.2.1)
    i18n (0.6.9)
    ice_nine (0.11.0)
    lita (3.0.4)
      bundler (>= 1.3)
      faraday (>= 0.8.7)
      http_router (>= 0.11.1)
      i18n (>= 0.6.9)
      ice_nine (>= 0.11.0)
      multi_json (>= 1.7.7)
      puma (>= 2.7.1)
      rack (>= 1.5.2)
      redis-namespace (>= 1.3.0)
      thor (>= 0.18.1)
    lita-chilean-bip (1.1.2)
      lita (>= 3.0)
    lita-console (0.0.4)
      lita (>= 2.2)
    lita-excuses (0.0.6)
      lita (>= 2.2)
      nokogiri
    lita-gems (1.1.0)
      gems (>= 0.8.0)
      lita (>= 2.6)
    lita-giphy (1.0.2)
      lita (>= 2.0)
    lita-gitlab2jenkins_ghp (0.0.1)
      lita (>= 3.0)
    lita-google (0.0.4)
      lita (>= 2.6)
    lita-google-images (1.0.4)
      lita (>= 2.0)
    lita-hook-forward (1.0.0)
      lita (>= 3.0)
    lita-imgflip (1.0.2)
      lita (~> 3.0)
    lita-jenkins (0.0.2)
      lita (>= 3.0)
    lita-key-value (0.2.0)
      lita (>= 2.7)
    mini_portile (0.5.3)
    multi_json (1.9.2)
    multipart-post (2.0.0)
    nokogiri (1.6.1)
      mini_portile (~> 0.5.0)
    puma (2.8.1)
      rack (>= 1.1, < 2.0)
    rack (1.5.2)
    rack-test (0.6.2)
      rack (>= 1.0)
    redis (3.0.7)
    redis-namespace (1.4.1)
      redis (~> 3.0.4)
    thor (0.19.1)
    url_mount (0.2.1)
      rack

PLATFORMS
  ruby

DEPENDENCIES
  curb-fu (~> 0.6.2)
  foreman
  lita (~> 3.0.4)
  lita-chilean-bip (~> 1.1.2)
  lita-console
  lita-excuses
  lita-gems
  lita-giphy
  lita-gitlab2jenkins_ghp
  lita-google
  lita-google-images
  lita-hook-forward
  lita-imgflip
  lita-jenkins
  lita-key-value
  lita-slack!
  lita-slack-handler!
